PATH
  remote: .
  specs:
    mini_graphite (0.3.5)

GEM
  remote: https://rubygems.org/
  specs:
    metaclass (0.0.4)
    minitest (5.10.3)
    mocha (1.2.1)
      metaclass (~> 0.0.1)
    rack (2.0.7)
    rake (12.2.1)

PLATFORMS
  ruby

DEPENDENCIES
  bundler
  mini_graphite!
  minitest
  mocha
  rack
  rake

BUNDLED WITH
   2.0.1
