PATH
  remote: .
  specs:
    mini_graphite (0.3.10)
      retry_it

GEM
  remote: https://rubygems.org/
  specs:
    metaclass (0.0.4)
    minitest (5.10.3)
    mocha (1.2.1)
      metaclass (~> 0.0.1)
    rack (2.0.3)
    rake (12.2.1)
    retry_it (0.1.2)

PLATFORMS
  ruby

DEPENDENCIES
  bundler
  mini_graphite!
  minitest
  mocha
  rack
  rake

RUBY VERSION
   ruby 2.6.3p62

BUNDLED WITH
   2.3.9
